PATH
  remote: ../defsdb
  specs:
    defsdb (0.1.0)

PATH
  remote: .
  specs:
    rubber_duck (0.1.0)
      defsdb (~> 0.1)
      parser (~> 2.3)

GEM
  remote: https://rubygems.org/
  specs:
    ast (2.3.0)
    minitest (5.9.0)
    parser (2.3.1.2)
      ast (~> 2.2)
    rake (10.5.0)

PLATFORMS
  ruby

DEPENDENCIES
  defsdb!
  minitest (~> 5.8)
  rake (~> 10.0)
  rubber_duck!

BUNDLED WITH
   1.12.5
